GEM
  remote: https://rubygems.org/
  specs:
    aws-eventstream (1.0.1)
    aws-partitions (1.125.0)
    aws-sdk-core (3.44.0)
      aws-eventstream (~> 1.0)
      aws-partitions (~> 1.0)
      aws-sigv4 (~> 1.0)
      jmespath (~> 1.0)
    aws-sigv4 (1.0.3)
    concurrent-ruby (1.1.3)
    jmespath (1.4.0)
    shoryuken (4.0.2)
      aws-sdk-core (>= 2)
      concurrent-ruby
      thor
    thor (0.20.3)

PLATFORMS
  ruby

DEPENDENCIES
  shoryuken

BUNDLED WITH
   1.16.6
